PATH
  remote: .
  specs:
    aha-api (1.0.14)
      activesupport
      faraday (~> 0.13.0)
      faraday_middleware
      hashie
      multi_json

GEM
  remote: https://rubygems.org/
  specs:
    activesupport (6.1.3)
      concurrent-ruby (~> 1.0, >= 1.0.2)
      i18n (>= 1.6, < 2)
      minitest (>= 5.1)
      tzinfo (~> 2.0)
      zeitwerk (~> 2.3)
    addressable (2.3.4)
    concurrent-ruby (1.1.8)
    crack (0.3.2)
    diff-lcs (1.2.4)
    faraday (0.13.1)
      multipart-post (>= 1.2, < 3)
    faraday_middleware (0.14.0)
      faraday (>= 0.7.4, < 1.0)
    hashie (4.1.0)
    i18n (1.8.9)
      concurrent-ruby (~> 1.0)
    minitest (5.14.3)
    multi_json (1.15.0)
    multipart-post (2.1.1)
    rspec (2.13.0)
      rspec-core (~> 2.13.0)
      rspec-expectations (~> 2.13.0)
      rspec-mocks (~> 2.13.0)
    rspec-core (2.13.1)
    rspec-expectations (2.13.0)
      diff-lcs (>= 1.1.3, < 2.0)
    rspec-mocks (2.13.1)
    tzinfo (2.0.4)
      concurrent-ruby (~> 1.0)
    webmock (1.11.0)
      addressable (>= 2.2.7)
      crack (>= 0.3.2)
    zeitwerk (2.4.2)

PLATFORMS
  ruby

DEPENDENCIES
  aha-api!
  rspec
  webmock

BUNDLED WITH
   1.17.3
